GEM
  remote: https://rubygems.org/
  specs:
    backports (3.12.0)
    byebug (11.0.1)
    daemons (1.3.1)
    eventmachine (1.2.7)
    execjs (2.7.0)
    multi_json (1.13.1)
    mustache (1.1.0)
    mustermann (1.0.3)
    rack (2.0.8)
    rack-protection (2.0.5)
      rack
    rake (12.3.2)
    sinatra (2.0.5)
      mustermann (~> 1.0)
      rack (~> 2.0)
      rack-protection (= 2.0.5)
      tilt (~> 2.0)
    sinatra-contrib (2.0.5)
      backports (>= 2.8.2)
      multi_json
      mustermann (~> 1.0)
      rack-protection (= 2.0.5)
      sinatra (= 2.0.5)
      tilt (>= 1.3, < 3)
    thin (1.7.2)
      daemons (~> 1.0, >= 1.0.9)
      eventmachine (~> 1.0, >= 1.0.4)
      rack (>= 1, < 3)
    tilt (2.0.9)
    uglifier (4.1.20)
      execjs (>= 0.3.0, < 3)

PLATFORMS
  ruby

DEPENDENCIES
  byebug
  mustache
  rake
  sinatra
  sinatra-contrib
  thin
  uglifier

BUNDLED WITH
   2.0.1
